GEM
  remote: https://rubygems.org/
  specs:
    actionview (4.2.5)
      activesupport (= 4.2.5)
      builder (~> 3.1)
      erubis (~> 2.7.0)
      rails-dom-testing (~> 1.0, >= 1.0.5)
      rails-html-sanitizer (~> 1.0, >= 1.0.2)
    activesupport (4.2.5)
      i18n (~> 0.7)
      json (~> 1.7, >= 1.7.7)
      minitest (~> 5.1)
      thread_safe (~> 0.3, >= 0.3.4)
      tzinfo (~> 1.1)
    algoliasearch (1.6.1)
      httpclient (~> 2.4)
      json (>= 1.5.1)
    builder (3.2.2)
    erubis (2.7.0)
    httpclient (2.6.0.1)
    i18n (0.7.0)
    json (1.8.3)
    loofah (2.0.3)
      nokogiri (>= 1.5.9)
    mini_portile (0.6.2)
    minitest (5.8.3)
    nokogiri (1.6.6.2)
      mini_portile (~> 0.6.0)
    parallel (1.6.1)
    rails-deprecated_sanitizer (1.0.3)
      activesupport (>= 4.2.0.alpha)
    rails-dom-testing (1.0.7)
      activesupport (>= 4.2.0.beta, < 5.0)
      nokogiri (~> 1.6.0)
      rails-deprecated_sanitizer (>= 1.0.1)
    rails-html-sanitizer (1.0.2)
      loofah (~> 2.0)
    thread_safe (0.3.5)
    tzinfo (1.2.2)
      thread_safe (~> 0.1)

PLATFORMS
  ruby

DEPENDENCIES
  actionview (~> 4.2.4)
  algoliasearch (~> 1.6.1)
  json (~> 1.8.3)
  nokogiri (~> 1.6.6.2)
  parallel (~> 1.6.1)

BUNDLED WITH
   1.10.6
